GEM
  remote: http://rubygems.org/
  specs:
    addressable (2.2.4)
    configuration (1.2.0)
    dm-core (1.1.0)
      addressable (~> 2.2.4)
    dm-validations (1.1.0)
      dm-core (~> 1.1.0)
    git (1.2.5)
    guard (0.3.0)
      open_gem (~> 1.4.2)
      thor (~> 0.14.6)
    guard-test (0.1.6)
      guard (~> 0.3.0)
      test-unit (~> 2.1.2)
    jeweler (1.5.2)
      bundler (~> 1.0.0)
      git (>= 1.2.5)
      rake
    launchy (0.3.7)
      configuration (>= 0.0.5)
      rake (>= 0.8.1)
    open_gem (1.4.2)
      launchy (~> 0.3.5)
    rake (0.8.7)
    rcov (0.9.9)
    shoulda (2.11.3)
    test-unit (2.1.2)
    thor (0.14.6)

PLATFORMS
  ruby

DEPENDENCIES
  bundler (~> 1.0.0)
  dm-validations (>= 1.0.2)
  guard-test
  jeweler (~> 1.5.2)
  rcov
  shoulda (>= 2.11.3)
